GEM
  remote: http://dt-infra-repo-0.oddz.int/artifactory/rubygems-virtual/
  specs:
    activesupport (4.2.1)
      i18n (~> 0.7)
      json (~> 1.7, >= 1.7.7)
      minitest (~> 5.1)
      thread_safe (~> 0.3, >= 0.3.4)
      tzinfo (~> 1.1)
    chronic_duration (0.10.6)
      numerizer (~> 0.1.1)
    diff-lcs (1.2.5)
    i18n (0.7.0)
    json (1.8.2-java)
    minitest (5.7.0)
    numerizer (0.1.1)
    rspec (3.2.0)
      rspec-core (~> 3.2.0)
      rspec-expectations (~> 3.2.0)
      rspec-mocks (~> 3.2.0)
    rspec-core (3.2.3)
      rspec-support (~> 3.2.0)
    rspec-expectations (3.2.1)
      diff-lcs (>= 1.2.0, < 2.0)
      rspec-support (~> 3.2.0)
    rspec-mocks (3.2.1)
      diff-lcs (>= 1.2.0, < 2.0)
      rspec-support (~> 3.2.0)
    rspec-support (3.2.2)
    spec (5.3.4)
      chronic_duration (~> 0.10.2)
    thread_safe (0.3.5-java)
    tzinfo (1.2.2)
      thread_safe (~> 0.1)

PLATFORMS
  java

DEPENDENCIES
  activesupport
  rspec
  rspec-core
  spec

BUNDLED WITH
   1.10.3
